GEM
  remote: https://rubygems.org/
  specs:
    erubis (2.7.0)

PLATFORMS
  ruby

DEPENDENCIES
  erubis (= 2.7.0)

BUNDLED WITH
   1.10.6
